GEM
  remote: http://rubygems.org/
  specs:
    iconv (1.0.4)
    json (1.8.1)
    json (1.8.1-java)
    json_pure (1.4.6)
    rake (0.9.2.2)
    rdoc (3.11)
      json (~> 1.4)
    rr (1.0.4)

PLATFORMS
  java
  ruby

DEPENDENCIES
  iconv
  json (~> 1.4)
  json_pure (~> 1.4.0)
  rake
  rdoc
  rr (~> 1.0)
